NUGET
  remote: https://www.nuget.org/api/v2
  specs:
    Caliburn.Micro (2.0.1)
      Caliburn.Micro.Core (2.0.1)
      Callisto (1.3.1) - winv4.5
      Windows.UI.Interactivity (1.3.0) - winv4.5
    Caliburn.Micro.Core (2.0.1)
    Callisto (1.3.1)
    FSharpx.TypeProviders.Xaml (1.8.41)
    FSPowerPack.Core.Community (3.0.0.0)
    FSPowerPack.Linq.Community (3.0.0.0)
      FSPowerPack.Core.Community
    FsUnit.xUnit (1.3.0.1)
      xunit (>= 1.9.1 <  3.0) - net20, >= net40, >= net45
    MahApps.Metro (1.0.0.0)
    NuGet.CommandLine (2.8.3)
    Windows.UI.Interactivity (1.3.0)
    xunit (1.9.2)
    xunit.extensions (1.9.2)
      xunit (1.9.2)
    xunit.runner.visualstudio (0.99.9-build1021)
