NUGET
  remote: https://www.nuget.org/api/v2
  specs:
    Caliburn.Micro (2.0.2)
      Caliburn.Micro.Core (2.0.2)
      Callisto (1.3.1) - framework: winv4.5
      Windows.UI.Interactivity (1.3.0) - framework: winv4.5
    Caliburn.Micro.Core (2.0.2)
    Callisto (1.3.1) - framework: winv4.5
    FAKE (4.20.0)
    FSharpx.TypeProviders.Xaml (1.8.41)
    FSPowerPack.Core.Community (3.0.0)
    FSPowerPack.Linq.Community (3.0.0)
      FSPowerPack.Core.Community
    FsUnit.xUnit (1.3.1)
      xunit (1.9.2)
    MahApps.Metro (1.2.4)
    NuGet.CommandLine (3.3.0)
    Windows.UI.Interactivity (1.3.0) - framework: winv4.5
    xunit (1.9.2)
    xunit.extensions (1.9.2)
      xunit (1.9.2)
    xunit.runner.visualstudio (2.1.0)
